GEM
  remote: https://rubygems.org/
  specs:
    ansi (1.5.0)
    builder (3.2.3)
    byebug (9.0.6)
    coderay (1.1.1)
    method_source (0.8.2)
    minitest (5.10.1)
    minitest-reporters (1.1.9)
      ansi
      builder
      minitest (>= 5.0)
      ruby-progressbar
    pry (0.9.12.6)
      coderay (~> 1.0)
      method_source (~> 0.8)
      slop (~> 3.4)
    pry-nav (0.2.4)
      pry (>= 0.9.10, < 0.11.0)
    pry_debug (0.1.0)
      pry (~> 0.9.0)
    ruby-progressbar (1.8.1)
    slop (3.6.0)

PLATFORMS
  ruby

DEPENDENCIES
  byebug
  minitest-reporters (= 1.1.9)
  pry-nav
  pry_debug

BUNDLED WITH
   1.13.6
